PATH
  remote: lib/engines/plugineer
  specs:
    plugineer (0.1)

GEM
  remote: http://gemcutter.org/
  specs:
    RedCloth (4.2.7)
    RubyInline (3.8.6)
      ZenTest (~> 4.3)
    ZenTest (4.4.2)
    abstract (1.0.0)
    actionmailer (3.0.0.beta)
      actionpack (= 3.0.0.beta)
      mail (~> 2.1.2)
      text-format (~> 1.0.0)
    actionpack (3.0.0.beta)
      activemodel (= 3.0.0.beta)
      activesupport (= 3.0.0.beta)
      erubis (~> 2.6.5)
      rack (~> 1.1.0)
      rack-mount (~> 0.4.0)
      rack-test (~> 0.5.0)
    activemodel (3.0.0.beta)
      activesupport (= 3.0.0.beta)
    activerecord (3.0.0.beta)
      activemodel (= 3.0.0.beta)
      activesupport (= 3.0.0.beta)
      arel (~> 0.2.0)
    activeresource (3.0.0.beta)
      activemodel (= 3.0.0.beta)
      activesupport (= 3.0.0.beta)
    activesupport (3.0.0.beta)
      builder (~> 2.1.2)
      i18n (~> 0.3.0)
      memcache-client (~> 1.7.5)
      tzinfo (~> 0.3.16)
    arel (0.2.1)
      activesupport (>= 3.0.0.beta)
    builder (2.1.2)
    cancan (1.0.2)
    erubis (2.6.6)
      abstract (>= 1.0.0)
    faker (0.3.1)
    i18n (0.3.7)
    image_science (1.2.1)
    mail (2.1.5.3)
      activesupport (>= 2.3.4)
      mime-types
      treetop (>= 1.4.5)
    memcache-client (1.7.8)
    mime-types (1.16)
    mysql (2.8.1)
    nokogiri (1.4.4)
    polyglot (0.3.1)
    rack (1.1.0)
    rack-mount (0.4.7)
      rack (>= 1.0.0)
    rack-test (0.5.7)
      rack (>= 1.0)
    rails (3.0.0.beta)
      actionmailer (= 3.0.0.beta)
      actionpack (= 3.0.0.beta)
      activerecord (= 3.0.0.beta)
      activeresource (= 3.0.0.beta)
      activesupport (= 3.0.0.beta)
      bundler (>= 0.9.2)
      railties (= 3.0.0.beta)
    railties (3.0.0.beta)
      actionpack (= 3.0.0.beta)
      activesupport (= 3.0.0.beta)
      rake (>= 0.8.3)
      thor (~> 0.13)
    rake (0.8.7)
    rspec (2.0.0.beta.3)
      rspec-core (= 2.0.0.beta.3)
      rspec-expectations (= 2.0.0.beta.3)
      rspec-mocks (= 2.0.0.beta.3)
    rspec-core (2.0.0.beta.3)
    rspec-expectations (2.0.0.beta.3)
    rspec-mocks (2.0.0.beta.3)
    rspec-rails (2.0.0.beta.3)
      rspec (= 2.0.0.beta.3)
      webrat (>= 0.7.0)
    sqlite3 (1.3.3)
    sqlite3-ruby (1.3.3)
      sqlite3 (>= 1.3.3)
    text-format (1.0.0)
      text-hyphen (~> 1.0.0)
    text-hyphen (1.0.2)
    thor (0.14.6)
    treetop (1.4.9)
      polyglot (>= 0.3.1)
    tzinfo (0.3.24)
    webrat (0.7.3)
      nokogiri (>= 1.2.0)
      rack (>= 1.0)
      rack-test (>= 0.5.3)

PLATFORMS
  ruby

DEPENDENCIES
  RedCloth
  RubyInline
  cancan (= 1.0.2)
  faker
  image_science
  mysql
  plugineer!
  rails (= 3.0.0.beta)
  rspec-rails (= 2.0.0.beta.3)
  sqlite3-ruby
